GEM
  remote: http://rubygems.org/
  specs:
    activemodel (3.0.9)
      activesupport (= 3.0.9)
      builder (~> 2.1.2)
      i18n (~> 0.5.0)
    activeresource (3.0.9)
      activemodel (= 3.0.9)
      activesupport (= 3.0.9)
    activesupport (3.0.9)
    addressable (2.2.6)
    builder (2.1.2)
    faraday (0.6.1)
      addressable (~> 2.2.4)
      multipart-post (~> 1.1.0)
      rack (< 2, >= 1.1.0)
    git (1.2.5)
    hashie (1.0.0)
    i18n (0.5.0)
    jeweler (1.5.2)
      bundler (~> 1.0.0)
      git (>= 1.2.5)
      rake
    multi_json (1.0.3)
    multipart-post (1.1.2)
    oauth2 (0.4.1)
      faraday (~> 0.6.1)
      multi_json (>= 0.0.5)
    rack (1.3.0)
    rake (0.9.2)
    rcov (0.9.9)
    rspec (1.3.0)
    ticketmaster (0.6.6)
      activeresource
      activeresource (>= 2.3.2)
      activesupport (>= 2.3.2)
      activesupport
      hashie
      hashie (= 1.0.0)
      jeweler

PLATFORMS
  ruby

DEPENDENCIES
  bundler (~> 1.0.0)
  jeweler (~> 1.5.1)
  oauth2
  rcov
  rspec (= 1.3.0)
  ticketmaster (= 0.6.6)
